GIT
  remote: https://github.com/boblail/hangry.git
  revision: e16a6dbbbb288075f052e2c14989f4468f1752f5
  branch: master
  specs:
    hangry (0.0.13)
      activesupport (>= 3.0)
      iso8601 (>= 0.4.0)
      nokogiri (>= 1.5)
      oj

GEM
  remote: https://rubygems.org/
  specs:
    actionmailer (4.1.1)
      actionpack (= 4.1.1)
      actionview (= 4.1.1)
      mail (~> 2.5.4)
    actionpack (4.1.1)
      actionview (= 4.1.1)
      activesupport (= 4.1.1)
      rack (~> 1.5.2)
      rack-test (~> 0.6.2)
    actionview (4.1.1)
      activesupport (= 4.1.1)
      builder (~> 3.1)
      erubis (~> 2.7.0)
    activemodel (4.1.1)
      activesupport (= 4.1.1)
      builder (~> 3.1)
    activerecord (4.1.1)
      activemodel (= 4.1.1)
      activesupport (= 4.1.1)
      arel (~> 5.0.0)
    activesupport (4.1.1)
      i18n (~> 0.6, >= 0.6.9)
      json (~> 1.7, >= 1.7.7)
      minitest (~> 5.1)
      thread_safe (~> 0.1)
      tzinfo (~> 1.1)
    arel (5.0.1.20140414130214)
    bcrypt (3.1.11)
    builder (3.2.3)
    cancan (1.6.10)
    coderay (1.1.0)
    coffee-rails (4.0.1)
      coffee-script (>= 2.2.0)
      railties (>= 4.0.0, < 5.0)
    coffee-script (2.2.0)
      coffee-script-source
      execjs
    coffee-script-source (1.7.0)
    devise (4.3.0)
      bcrypt (~> 3.0)
      orm_adapter (~> 0.1)
      railties (>= 4.1.0, < 5.2)
      responders
      warden (~> 1.2.3)
    erubis (2.7.0)
    execjs (2.2.1)
    faraday (0.12.1)
      multipart-post (>= 1.2, < 3)
    hashie (3.5.5)
    hike (1.2.3)
    i18n (0.8.4)
    iso8601 (0.9.1)
    jquery-rails (3.1.1)
      railties (>= 3.0, < 5.0)
      thor (>= 0.14, < 2.0)
    json (1.8.6)
    jwt (1.5.6)
    mail (2.5.4)
      mime-types (~> 1.16)
      treetop (~> 1.4.8)
    method_source (0.8.2)
    mime-types (1.25.1)
    mini_portile2 (2.2.0)
    minitest (5.10.2)
    multi_json (1.10.1)
    multi_xml (0.6.0)
    multipart-post (2.0.0)
    nokogiri (1.8.0)
      mini_portile2 (~> 2.2.0)
    oauth2 (1.4.0)
      faraday (>= 0.8, < 0.13)
      jwt (~> 1.0)
      multi_json (~> 1.3)
      multi_xml (~> 0.5)
      rack (>= 1.2, < 3)
    oj (3.3.2)
    omniauth (1.2.2)
      hashie (>= 1.2, < 4)
      rack (~> 1.0)
    omniauth-google-oauth2 (0.3.1)
      jwt (~> 1.0)
      multi_json (~> 1.3)
      omniauth (>= 1.1.1)
      omniauth-oauth2 (>= 1.3.1)
    omniauth-oauth2 (1.4.0)
      oauth2 (~> 1.0)
      omniauth (~> 1.2)
    orm_adapter (0.5.0)
    pg (0.21.0)
    pg_search (1.0.6)
      activerecord (>= 3.1)
      activesupport (>= 3.1)
      arel
    polyglot (0.3.5)
    pry (0.10.0)
      coderay (~> 1.1.0)
      method_source (~> 0.8.1)
      slop (~> 3.4)
    puma (3.9.1)
    rack (1.5.5)
    rack-test (0.6.3)
      rack (>= 1.0)
    rails (4.1.1)
      actionmailer (= 4.1.1)
      actionpack (= 4.1.1)
      actionview (= 4.1.1)
      activemodel (= 4.1.1)
      activerecord (= 4.1.1)
      activesupport (= 4.1.1)
      bundler (>= 1.3.0, < 2.0)
      railties (= 4.1.1)
      sprockets-rails (~> 2.0)
    rails_12factor (0.0.2)
      rails_serve_static_assets
      rails_stdout_logging
    rails_serve_static_assets (0.0.2)
    rails_stdout_logging (0.0.3)
    railties (4.1.1)
      actionpack (= 4.1.1)
      activesupport (= 4.1.1)
      rake (>= 0.8.7)
      thor (>= 0.18.1, < 2.0)
    rake (12.0.0)
    redcarpet (3.0.0)
    responders (1.1.2)
      railties (>= 3.2, < 4.2)
    sass (3.2.19)
    sass-rails (4.0.3)
      railties (>= 4.0.0, < 5.0)
      sass (~> 3.2.0)
      sprockets (~> 2.8, <= 2.11.0)
      sprockets-rails (~> 2.0)
    slop (3.5.0)
    spring (1.1.3)
    sprockets (2.11.0)
      hike (~> 1.2)
      multi_json (~> 1.0)
      rack (~> 1.0)
      tilt (~> 1.1, != 1.3.0)
    sprockets-rails (2.1.3)
      actionpack (>= 3.0)
      activesupport (>= 3.0)
      sprockets (~> 2.8)
    thor (0.19.4)
    thread_safe (0.3.6)
    tilt (1.4.1)
    treetop (1.4.15)
      polyglot
      polyglot (>= 0.3.1)
    tzinfo (1.2.3)
      thread_safe (~> 0.1)
    uglifier (2.5.1)
      execjs (>= 0.3.0)
      json (>= 1.8.0)
    warden (1.2.7)
      rack (>= 1.0)

PLATFORMS
  ruby

DEPENDENCIES
  cancan
  coffee-rails (~> 4.0.0)
  devise
  hangry!
  jquery-rails
  omniauth-google-oauth2
  pg
  pg_search
  pry
  puma
  rails (= 4.1.1)
  rails_12factor
  redcarpet
  sass-rails (~> 4.0.3)
  spring
  uglifier (>= 1.3.0)

RUBY VERSION
   ruby 2.3.1p112

BUNDLED WITH
   1.14.6
